PATH
  remote: .
  specs:
    quacky (0.2.7)
      activesupport (>= 3.2.5, < 7.1.0)

GEM
  remote: http://rubygems.org/
  specs:
    activesupport (7.0.4.1)
      concurrent-ruby (~> 1.0, >= 1.0.2)
      i18n (>= 1.6, < 2)
      minitest (>= 5.1)
      tzinfo (~> 2.0)
    builder (3.0.4)
    concurrent-ruby (1.1.10)
    cucumber (1.2.1)
      builder (>= 2.1.2)
      diff-lcs (>= 1.1.3)
      gherkin (~> 2.11.0)
      json (>= 1.4.6)
    diff-lcs (1.1.3)
    gherkin (2.11.2)
      json (>= 1.4.6)
    gitdown (0.0.2)
    hook (0.1.0)
      method_decorators (~> 0.9.0)
    i18n (1.12.0)
      concurrent-ruby (~> 1.0)
    json (1.7.5)
    method_decorators (0.9.1)
    minitest (5.17.0)
    rake (0.9.2.2)
    rspec (2.11.0)
      rspec-core (~> 2.11.0)
      rspec-expectations (~> 2.11.0)
      rspec-mocks (~> 2.11.0)
    rspec-core (2.11.1)
    rspec-expectations (2.11.3)
      diff-lcs (~> 1.1.3)
    rspec-mocks (2.11.2)
    specdown (0.5.1)
      gitdown (~> 0.0.2)
      hook (~> 0.1.0)
      term-ansicolor (~> 1.0.7)
    term-ansicolor (1.0.7)
    tzinfo (2.0.5)
      concurrent-ruby (~> 1.0)

PLATFORMS
  ruby

DEPENDENCIES
  cucumber
  quacky!
  rake
  rspec
  specdown
